GIT
  remote: https://github.com/esambo/savon.git
  revision: c6e522f1fc15927e4d03e31228f90e1806be4a46
  branch: ciphers
  specs:
    savon (2.11.1)
      akami (~> 1.2)
      builder (>= 2.1.2)
      gyoku (~> 1.2)
      httpi (~> 2.3)
      nokogiri (>= 1.4.0)
      nori (~> 2.4)
      wasabi (~> 3.4)

GIT
  remote: https://github.com/faucct/httpi.git
  revision: 749badaa199e3d07f311390d9fbcd4621e74edee
  branch: feature/open_ssl_ciphers
  specs:
    httpi (2.4.2)
      rack
      socksify

PATH
  remote: .
  specs:
    connect_vva (0.1)
      nokogiri
      savon

GEM
  remote: https://rubygems.org/
  specs:
    akami (1.3.1)
      gyoku (>= 0.4.0)
      nokogiri
    ast (2.3.0)
    builder (3.2.3)
    coderay (1.1.1)
    dotenv (2.2.0)
    gyoku (1.3.1)
      builder (>= 2.1.2)
    method_source (0.8.2)
    mini_portile2 (2.1.0)
    nokogiri (1.7.0.1)
      mini_portile2 (~> 2.1.0)
    nori (2.6.0)
    parser (2.4.0.0)
      ast (~> 2.2)
    powerpack (0.1.1)
    pry (0.10.4)
      coderay (~> 1.1.0)
      method_source (~> 0.8.1)
      slop (~> 3.4)
    rack (2.0.1)
    rainbow (2.2.1)
    rake (12.0.0)
    rubocop (0.47.1)
      parser (>= 2.3.3.1, < 3.0)
      powerpack (~> 0.1)
      rainbow (>= 1.99.1, < 3.0)
      ruby-progressbar (~> 1.7)
      unicode-display_width (~> 1.0, >= 1.0.1)
    ruby-progressbar (1.8.1)
    slop (3.6.0)
    socksify (1.7.0)
    unicode-display_width (1.1.3)
    wasabi (3.5.0)
      httpi (~> 2.0)
      nokogiri (>= 1.4.2)

PLATFORMS
  ruby

DEPENDENCIES
  bundler
  connect_vva!
  dotenv
  httpi!
  pry
  rake
  rubocop
  savon!

BUNDLED WITH
   1.14.3
